PATH
  remote: .
  specs:
    rotten_apple (0.0.1)

GEM
  remote: https://rubygems.org/
  specs:
    rake (10.0.3)

PLATFORMS
  ruby

DEPENDENCIES
  rake
  rotten_apple!
